GEM
  remote: https://rubygems.org/
  specs:
    byebug (11.0.1)
    diff-lcs (1.3)
    dotenv (2.7.2)
    faraday (0.15.4)
      multipart-post (>= 1.2, < 3)
    hashie (3.6.0)
    inflection (1.0.0)
    mime-types (3.2.2)
      mime-types-data (~> 3.2015)
    mime-types-data (3.2019.0331)
    multipart-post (2.1.1)
    rake (11.3.0)
    rspec (3.8.0)
      rspec-core (~> 3.8.0)
      rspec-expectations (~> 3.8.0)
      rspec-mocks (~> 3.8.0)
    rspec-core (3.8.0)
      rspec-support (~> 3.8.0)
    rspec-expectations (3.8.4)
      diff-lcs (>= 1.2.0, < 2.0)
      rspec-support (~> 3.8.0)
    rspec-mocks (3.8.0)
      diff-lcs (>= 1.2.0, < 2.0)
      rspec-support (~> 3.8.0)
    rspec-support (3.8.2)
    terminal-table (1.8.0)
      unicode-display_width (~> 1.1, >= 1.1.1)
    unicode-display_width (1.6.0)
    zendesk_api (1.19.0)
      faraday (~> 0.9)
      hashie (>= 3.5.2, < 4.0.0)
      inflection
      mime-types
      multipart-post (~> 2.0)

PLATFORMS
  ruby

DEPENDENCIES
  byebug
  dotenv
  rake (~> 11.2, >= 11.2.2)
  rspec
  terminal-table
  zendesk_api

BUNDLED WITH
   2.0.1
